GEM
  specs:
    minitest (5.11.3)

PLATFORMS
  ruby

DEPENDENCIES
  minitest

BUNDLED WITH
   1.16.2
